GEM
  remote: https://rubygems.org/
  specs:
    ansi (1.5.0)
    ast (2.2.0)
    coderay (1.1.1)
    concurrent-ruby (1.0.1)
    daemons (1.2.3)
    eventmachine (1.0.9.1)
    foreman (0.78.0)
      thor (~> 0.19.1)
    hike (1.2.3)
    htmlentities (4.3.3)
    method_source (0.8.2)
    oga (2.2)
      ast
      ruby-ll (~> 2.1)
    opal (0.9.2)
      hike (~> 1.2)
      sourcemap (~> 0.1.0)
      sprockets (~> 3.1)
      tilt (>= 1.4)
    opal-jquery (0.4.1)
      opal (>= 0.7.0, < 0.10.0)
    pry (0.10.3)
      coderay (~> 1.1.0)
      method_source (~> 0.8.1)
      slop (~> 3.4)
    rack (1.6.4)
    rack-unreloader (1.5.0)
    roda (2.11.0)
      rack
    ruby-ll (2.1.2)
      ansi
      ast
    slop (3.6.0)
    sourcemap (0.1.1)
    sprockets (3.5.2)
      concurrent-ruby (~> 1.0)
      rack (> 1, < 3)
    thin (1.6.4)
      daemons (~> 1.0, >= 1.0.9)
      eventmachine (~> 1.0, >= 1.0.4)
      rack (~> 1.0)
    thor (0.19.1)
    tilt (2.0.2)

PLATFORMS
  ruby

DEPENDENCIES
  foreman
  htmlentities (= 4.3.3)
  oga (= 2.2)
  opal (= 0.9.2)
  opal-jquery (= 0.4.1)
  pry
  rack-unreloader (= 1.5.0)
  roda (= 2.11.0)
  thin (= 1.6.4)

BUNDLED WITH
   1.11.2
